GIT
  remote: git://github.com/nathancolgate/s3-swf-upload-plugin
  revision: 3d3aa9407eaf258561fa87c05440e01b2652ee14
  specs:
    s3_swf_upload (0.3.2)

GEM
  remote: http://rubygems.org/
  remote: http://gems.github.com/
  specs:
    abstract (1.0.0)
    actionmailer (3.0.0)
      actionpack (= 3.0.0)
      mail (~> 2.2.5)
    actionpack (3.0.0)
      activemodel (= 3.0.0)
      activesupport (= 3.0.0)
      builder (~> 2.1.2)
      erubis (~> 2.6.6)
      i18n (~> 0.4.1)
      rack (~> 1.2.1)
      rack-mount (~> 0.6.12)
      rack-test (~> 0.5.4)
      tzinfo (~> 0.3.23)
    activemodel (3.0.0)
      activesupport (= 3.0.0)
      builder (~> 2.1.2)
      i18n (~> 0.4.1)
    activerecord (3.0.0)
      activemodel (= 3.0.0)
      activesupport (= 3.0.0)
      arel (~> 1.0.0)
      tzinfo (~> 0.3.23)
    activeresource (3.0.0)
      activemodel (= 3.0.0)
      activesupport (= 3.0.0)
    activesupport (3.0.0)
    addressable (2.2.6)
    arel (1.0.1)
      activesupport (~> 3.0.0)
    aws-s3 (0.6.2)
      builder
      mime-types
      xml-simple
    builder (2.1.2)
    erubis (2.6.6)
      abstract (>= 1.0.0)
    faraday (0.5.7)
      addressable (~> 2.2.4)
      multipart-post (~> 1.1.0)
      rack (>= 1.1.0, < 2)
    faraday_middleware (0.3.2)
      faraday (~> 0.5.4)
    hashie (1.0.0)
    i18n (0.4.2)
    mail (2.2.19)
      activesupport (>= 2.3.6)
      i18n (>= 0.4.0)
      mime-types (~> 1.16)
      treetop (~> 1.4.8)
    mime-types (1.16)
    multi_json (1.0.3)
    multipart-post (1.1.3)
    mysql (2.8.1)
    officialfm (0.0.4)
      faraday (~> 0.5.3)
      faraday_middleware (~> 0.3.0)
      hashie (~> 1.0.0)
    polyglot (0.3.2)
    rack (1.2.1)
    rack-mount (0.6.14)
      rack (>= 1.0.0)
    rack-test (0.5.7)
      rack (>= 1.0)
    rails (3.0.0)
      actionmailer (= 3.0.0)
      actionpack (= 3.0.0)
      activerecord (= 3.0.0)
      activeresource (= 3.0.0)
      activesupport (= 3.0.0)
      bundler (~> 1.0.0)
      railties (= 3.0.0)
    railties (3.0.0)
      actionpack (= 3.0.0)
      activesupport (= 3.0.0)
      rake (>= 0.8.4)
      thor (~> 0.14.0)
    rake (0.9.2)
    thor (0.14.6)
    treetop (1.4.10)
      polyglot
      polyglot (>= 0.3.1)
    tzinfo (0.3.29)
    xml-simple (1.1.0)

PLATFORMS
  ruby

DEPENDENCIES
  aws-s3
  multi_json
  mysql
  officialfm
  rails (= 3.0.0)
  s3_swf_upload!
